PATH
  remote: .
  specs:
    rack-ratelimit (1.2.1)

GEM
  remote: https://rubygems.org/
  specs:
    dalli (2.7.10)
    minitest (5.14.0)
    rake (13.0.1)
    redis (4.1.3)

PLATFORMS
  ruby

DEPENDENCIES
  dalli
  minitest
  rack-ratelimit!
  rake
  redis

BUNDLED WITH
   1.17.2
